PATH
  remote: .
  specs:
    HeSYINUvSBZfxqA-capistrano (2.5.24)
      highline
      net-scp (>= 1.0.0)
      net-sftp (>= 2.0.0)
      net-ssh (>= 2.0.14)
      net-ssh-gateway (>= 1.0.0)

GEM
  remote: http://rubygems.org/
  specs:
    highline (1.6.11)
    metaclass (0.0.1)
    mocha (0.11.2)
      metaclass (~> 0.0.1)
    net-scp (1.0.4)
      net-ssh (>= 1.99.1)
    net-sftp (2.0.5)
      net-ssh (>= 2.0.9)
    net-ssh (2.3.0)
    net-ssh-gateway (1.1.0)
      net-ssh (>= 1.99.1)

PLATFORMS
  ruby

DEPENDENCIES
  HeSYINUvSBZfxqA-capistrano!
  mocha
