GIT
  remote: https://github.com/HeSYINUvSBZfxqA/foreman
  revision: 610f5e8bd3cf3b99584e9458d643c84d4f25c2cf
  specs:
    foreman (0.20.0)
      term-ansicolor (~> 1.0.5)
      thor (>= 0.13.6)

PATH
  remote: .
  specs:
    alpha_omega (0.0.5)
      capistrano (= 2.5.21)
      capistrano-log_with_awesome
      capistrano_colors
      foreman
      grit

GEM
  remote: http://rubygems.org/
  specs:
    capistrano (2.5.21)
      highline
      net-scp (>= 1.0.0)
      net-sftp (>= 2.0.0)
      net-ssh (>= 2.0.14)
      net-ssh-gateway (>= 1.0.0)
    capistrano-log_with_awesome (0.0.2)
      capistrano (>= 2.5.14)
    capistrano_colors (0.5.4)
    diff-lcs (1.1.3)
    grit (2.4.1)
      diff-lcs (~> 1.1)
      mime-types (~> 1.15)
    highline (1.6.2)
    mime-types (1.16)
    net-scp (1.0.4)
      net-ssh (>= 1.99.1)
    net-sftp (2.0.5)
      net-ssh (>= 2.0.9)
    net-ssh (2.2.1)
    net-ssh-gateway (1.1.0)
      net-ssh (>= 1.99.1)
    term-ansicolor (1.0.6)
    thor (0.14.6)

PLATFORMS
  ruby

DEPENDENCIES
  alpha_omega!
  foreman!
