PATH
  remote: .
  specs:
    alpha_omega (0.0.142)
      HeSYINUvSBZfxqA-capistrano (= 2.5.21)
      HeSYINUvSBZfxqA-capistrano_colors
      HeSYINUvSBZfxqA-capistrano_log
      deep_merge
      grit
      surface

GEM
  remote: http://rubygems.org/
  specs:
    HeSYINUvSBZfxqA-capistrano (2.5.21)
      highline
      net-scp (>= 1.0.0)
      net-sftp (>= 2.0.0)
      net-ssh (>= 2.0.14)
      net-ssh-gateway (>= 1.0.0)
    HeSYINUvSBZfxqA-capistrano_colors (0.5.5)
    HeSYINUvSBZfxqA-capistrano_log (0.0.2)
      HeSYINUvSBZfxqA-capistrano (>= 2.5.14)
    HeSYINUvSBZfxqA-foreman (0.20.0.4)
      term-ansicolor (~> 1.0.5)
      thor (>= 0.13.6)
    alias (0.2.2)
    bosonson (0.304.3)
      alias (>= 0.2.2)
      hirb (>= 0.5.0)
    deep_merge (1.0.0)
    diff-lcs (1.1.3)
    grit (2.4.1)
      diff-lcs (~> 1.1)
      mime-types (~> 1.15)
    highline (1.6.11)
    hirb (0.6.0)
    json (1.6.6)
    marathon (0.0.2)
      HeSYINUvSBZfxqA-foreman
    mime-types (1.17.2)
    net-scp (1.0.4)
      net-ssh (>= 1.99.1)
    net-sftp (2.0.5)
      net-ssh (>= 2.0.9)
    net-ssh (2.3.0)
    net-ssh-gateway (1.1.0)
      net-ssh (>= 1.99.1)
    surface (0.0.4)
      bosonson
      marathon
    term-ansicolor (1.0.7)
    thor (0.14.6)

PLATFORMS
  ruby

DEPENDENCIES
  alpha_omega!
  json
