GEM
  remote: http://rubygems.org/
  specs:
    activesupport (3.0.9)
    adsf (1.0.1)
      rack (>= 1.0.0)
    bluecloth (2.1.0)
    builder (3.0.0)
    chunky_png (1.2.0)
    compass (0.11.5)
      chunky_png (~> 1.2)
      fssm (>= 0.2.7)
      sass (~> 3.1)
    cri (2.0.2)
    fssm (0.2.7)
    gli (1.3.2)
    haml (3.1.2)
    json (1.5.3)
    mime-types (1.16)
    nanoc (3.2.1)
      nanoc3 (>= 3.2.1)
    nanoc3 (3.2.1)
      cri (~> 2.0)
    nokogiri (1.5.0)
    rack (1.3.2)
    rb-fsevent (0.4.2)
    rdiscount (1.6.8)
    sass (3.1.7)
    showoff (0.4.2)
      bluecloth
      gli (>= 1.2.5)
      json
      nokogiri
      sinatra
    sinatra (1.2.6)
      rack (~> 1.1)
      tilt (>= 1.2.2, < 2.0)
    tilt (1.3.2)

PLATFORMS
  ruby

DEPENDENCIES
  activesupport
  adsf
  builder
  compass
  haml
  mime-types
  nanoc
  nokogiri
  rb-fsevent
  rdiscount
  sass
  showoff
